GEM
  remote: https://rubygems.org/
  specs:
    bcrypt (3.1.17)
    coderay (1.1.3)
    dotenv (2.7.6)
    method_source (1.0.0)
    nio4r (2.5.8)
    pry (0.14.1)
      coderay (~> 1.1)
      method_source (~> 1.0)
    puma (5.6.4)
      nio4r (~> 2.0)
    rack (2.2.3)
    rake (13.0.6)
    shotgun (0.9.2)
      rack (>= 1.0)
    sqlite3 (1.4.2)

PLATFORMS
  ruby
  x86_64-linux

DEPENDENCIES
  bcrypt
  dotenv
  pry
  puma
  rack
  rake
  shotgun
  sqlite3 (~> 1.3, >= 1.3.11)

RUBY VERSION
   ruby 2.7.6p219

BUNDLED WITH
   2.2.15
